NUGET
  remote: https://nuget.org/api/v2
  specs:
    NUnit (3.0.1)
    Unquote (3.1.0)
